GEM
  remote: https://rubygems.org/
  specs:
    serialport (1.3.1)
    sphero (1.4.1)

PLATFORMS
  ruby
  x64-mingw32

DEPENDENCIES
  serialport
  sphero

BUNDLED WITH
   1.16.1
